PATH
  remote: .
  specs:
    wine_scraper (0.0.1.alpha)
      nokogiri (~> 1.6.1)

GEM
  remote: https://rubygems.org/
  specs:
    diff-lcs (1.2.5)
    fakeweb (1.3.0)
    mini_portile (0.5.2)
    nokogiri (1.6.1-x86-mingw32)
      mini_portile (~> 0.5.0)
    rake (10.1.1)
    rspec (2.14.1)
      rspec-core (~> 2.14.0)
      rspec-expectations (~> 2.14.0)
      rspec-mocks (~> 2.14.0)
    rspec-core (2.14.7)
    rspec-expectations (2.14.5)
      diff-lcs (>= 1.1.3, < 2.0)
    rspec-mocks (2.14.6)

PLATFORMS
  x86-mingw32

DEPENDENCIES
  bundler (~> 1.3)
  fakeweb (~> 1.3.0)
  rake
  rspec (~> 2.14.1)
  wine_scraper!
