PATH
  remote: .
  specs:
    wine_scraper (0.0.1.alpha)
      nokogiri (~> 1.6.1)

GEM
  remote: https://rubygems.org/
  specs:
    aruba (0.5.4)
      childprocess (>= 0.3.6)
      cucumber (>= 1.1.1)
      rspec-expectations (>= 2.7.0)
    builder (3.2.2)
    childprocess (0.5.1)
      ffi (~> 1.0, >= 1.0.11)
    cucumber (1.3.11)
      builder (>= 2.1.2)
      diff-lcs (>= 1.1.3)
      gherkin (~> 2.12)
      multi_json (>= 1.7.5, < 2.0)
      multi_test (>= 0.0.2)
    diff-lcs (1.2.5)
    fakeweb (1.3.0)
    ffi (1.9.3-x86-mingw32)
    gherkin (2.12.2-x86-mingw32)
      multi_json (~> 1.3)
    mini_portile (0.5.2)
    multi_json (1.9.0)
    multi_test (0.0.3)
    nokogiri (1.6.1-x86-mingw32)
      mini_portile (~> 0.5.0)
    rake (10.1.1)
    rspec (2.14.1)
      rspec-core (~> 2.14.0)
      rspec-expectations (~> 2.14.0)
      rspec-mocks (~> 2.14.0)
    rspec-core (2.14.7)
    rspec-expectations (2.14.5)
      diff-lcs (>= 1.1.3, < 2.0)
    rspec-mocks (2.14.6)

PLATFORMS
  x86-mingw32

DEPENDENCIES
  aruba (~> 0.5.4)
  bundler (~> 1.3)
  cucumber (~> 1.3.11)
  fakeweb (~> 1.3.0)
  rake
  rspec (~> 2.14.1)
  wine_scraper!
