PATH
  remote: .
  specs:
    wine-scraper (0.0.1)
      nokogiri (~> 1.6.1)

GEM
  remote: https://rubygems.org/
  specs:
    addressable (2.3.5)
    childprocess (0.3.6)
      ffi (~> 1.0, >= 1.0.6)
    crack (0.4.2)
      safe_yaml (~> 1.0.0)
    diff-lcs (1.2.5)
    ffi (1.9.3-x86-mingw32)
    mini_portile (0.5.2)
    nokogiri (1.6.1-x86-mingw32)
      mini_portile (~> 0.5.0)
    rake (10.1.1)
    rspec (2.14.1)
      rspec-core (~> 2.14.0)
      rspec-expectations (~> 2.14.0)
      rspec-mocks (~> 2.14.0)
    rspec-core (2.14.7)
    rspec-expectations (2.14.5)
      diff-lcs (>= 1.1.3, < 2.0)
    rspec-mocks (2.14.6)
    safe_yaml (1.0.1)
    spork (0.9.2)
    webmock (1.17.3)
      addressable (>= 2.2.7)
      crack (>= 0.3.2)

PLATFORMS
  x86-mingw32

DEPENDENCIES
  bundler (~> 1.3)
  childprocess (= 0.3.6)
  rake
  rspec (~> 2.14.1)
  spork (~> 0.9.2)
  webmock (~> 1.17.3)
  wine-scraper!
